GEM
  remote: https://rubygems.org/
  specs:
    execjs (1.4.0)
      multi_json (~> 1.0)
    ffi (1.9.0)
    json (1.8.0)
    listen (1.3.0)
      rb-fsevent (>= 0.9.3)
      rb-inotify (>= 0.9)
      rb-kqueue (>= 0.2)
    multi_json (1.7.9)
    oj (2.1.4)
    rb-fsevent (0.9.3)
    rb-inotify (0.9.1)
      ffi (>= 0.5.0)
    rb-kqueue (0.2.0)
      ffi (>= 0.5.0)
    redis (3.0.4)
    redis_message_capsule (0.8.3)
      json
      redis
    rerun (0.8.1)
      listen (>= 1.0.3)

PLATFORMS
  ruby

DEPENDENCIES
  execjs (= 1.4.0)
  multi_json
  oj
  redis_message_capsule (~> 0.8.3)
  rerun
